PATH
  remote: .
  specs:
    nest-monitor (0.1.0)
      delayed_job_active_record
      dotenv
      nest_thermostat
      pg
      pry
      rake
      sinatra
      sinatra-activerecord

GEM
  remote: https://rubygems.org/
  specs:
    activemodel (4.2.5.1)
      activesupport (= 4.2.5.1)
      builder (~> 3.1)
    activerecord (4.2.5.1)
      activemodel (= 4.2.5.1)
      activesupport (= 4.2.5.1)
      arel (~> 6.0)
    activesupport (4.2.5.1)
      i18n (~> 0.7)
      json (~> 1.7, >= 1.7.7)
      minitest (~> 5.1)
      thread_safe (~> 0.3, >= 0.3.4)
      tzinfo (~> 1.1)
    arel (6.0.3)
    builder (3.2.2)
    coderay (1.1.0)
    delayed_job (4.1.1)
      activesupport (>= 3.0, < 5.0)
    delayed_job_active_record (4.1.0)
      activerecord (>= 3.0, < 5)
      delayed_job (>= 3.0, < 5)
    dotenv (2.0.2)
    httparty (0.8.3)
      multi_json (~> 1.0)
      multi_xml
    i18n (0.7.0)
    json (1.8.3)
    method_source (0.8.2)
    minitest (5.8.4)
    multi_json (1.11.2)
    multi_xml (0.5.5)
    nest_thermostat (0.0.4)
      httparty (~> 0.8.3)
    pg (0.18.4)
    pry (0.10.3)
      coderay (~> 1.1.0)
      method_source (~> 0.8.1)
      slop (~> 3.4)
    rack (1.6.4)
    rack-protection (1.5.3)
      rack
    rake (10.5.0)
    sinatra (1.4.7)
      rack (~> 1.5)
      rack-protection (~> 1.4)
      tilt (>= 1.3, < 3)
    sinatra-activerecord (2.0.9)
      activerecord (>= 3.2)
      sinatra (~> 1.0)
    slop (3.6.0)
    thread_safe (0.3.5)
    tilt (2.0.2)
    tzinfo (1.2.2)
      thread_safe (~> 0.1)

PLATFORMS
  ruby

DEPENDENCIES
  bundler (~> 1.9)
  nest-monitor!
  rake (~> 10.0)
